GEM
  remote: https://rubygems.org/
  specs:
    addressable (2.8.7)
      public_suffix (>= 2.0.2, < 7.0)
    ast (2.4.2)
    base64 (0.2.0)
    bundle-audit (0.1.0)
      bundler-audit
    bundler-audit (0.9.2)
      bundler (>= 1.2.0, < 3)
      thor (~> 1.0)
    coderay (1.1.3)
    colored (1.2)
    concurrent-ruby (1.3.4)
    cri (2.15.12)
    ddmetrics (1.1.0)
    ddplugin (1.0.3)
    diff-lcs (1.5.1)
    ffi (1.17.0)
    immutable-ruby (0.2.0)
      concurrent-ruby (~> 1.1)
      sorted_set (~> 1.0)
    json (2.7.6)
    json_schema (0.21.0)
    language_server-protocol (3.17.0.3)
    lint_roller (1.1.0)
    listen (3.9.0)
      rb-fsevent (~> 0.10, >= 0.10.3)
      rb-inotify (~> 0.9, >= 0.9.10)
    memo_wise (1.10.0)
    method_source (1.1.0)
    nanoc (4.13.1)
      addressable (~> 2.5)
      colored (~> 1.2)
      nanoc-checking (~> 1.0, >= 1.0.2)
      nanoc-cli (= 4.13.1)
      nanoc-core (= 4.13.1)
      nanoc-deploying (~> 1.0)
      parallel (~> 1.12)
      tty-command (~> 0.8)
      tty-which (~> 0.4)
    nanoc-checking (1.0.5)
      nanoc-cli (~> 4.12, >= 4.12.5)
      nanoc-core (~> 4.12, >= 4.12.5)
    nanoc-cli (4.13.1)
      cri (~> 2.15)
      diff-lcs (~> 1.3)
      nanoc-core (= 4.13.1)
      pry
      zeitwerk (~> 2.1)
    nanoc-core (4.13.1)
      base64 (~> 0.2)
      concurrent-ruby (~> 1.1)
      ddmetrics (~> 1.0)
      ddplugin (~> 1.0)
      immutable-ruby (~> 0.1)
      json_schema (~> 0.19)
      memo_wise (~> 1.5)
      slow_enumerator_tools (~> 1.0)
      tty-platform (~> 0.2)
      zeitwerk (~> 2.1)
    nanoc-deploying (1.0.2)
      nanoc-checking (~> 1.0)
      nanoc-cli (~> 4.11, >= 4.11.15)
      nanoc-core (~> 4.11, >= 4.11.15)
    nanoc-external (1.0.5)
      nanoc-core (~> 4.11, >= 4.11.14)
    nanoc-tidy.rb (0.8.5)
      ryo.rb (~> 0.5)
      test-cmd.rb (~> 0.12.4)
    nanoc-webpack.rb (0.10.6)
      ryo.rb (~> 0.5)
      test-cmd.rb (~> 0.12.4)
    nio4r (2.7.4)
    paint (2.3.0)
    parallel (1.26.3)
    parser (3.3.6.0)
      ast (~> 2.4.1)
      racc
    pastel (0.8.0)
      tty-color (~> 0.5)
    pry (0.14.2)
      coderay (~> 1.1)
      method_source (~> 1.0)
    public_suffix (6.0.1)
    puma (6.4.3)
      nio4r (~> 2.0)
    racc (1.8.1)
    rack (3.1.16)
    rainbow (3.1.1)
    rainpress (1.0.1)
    rake (13.2.1)
    rb-fsevent (0.11.2)
    rb-inotify (0.11.1)
      ffi (~> 1.0)
    rbtree (0.4.6)
    regexp_parser (2.9.2)
    rexml (3.3.9)
    rubocop (1.66.1)
      json (~> 2.3)
      language_server-protocol (>= 3.17.0)
      parallel (~> 1.10)
      parser (>= 3.3.0.2)
      rainbow (>= 2.2.2, < 4.0)
      regexp_parser (>= 2.4, < 3.0)
      rubocop-ast (>= 1.32.2, < 2.0)
      ruby-progressbar (~> 1.7)
      unicode-display_width (>= 2.4.0, < 3.0)
    rubocop-ast (1.34.0)
      parser (>= 3.3.1.0)
    rubocop-performance (1.22.1)
      rubocop (>= 1.48.1, < 2.0)
      rubocop-ast (>= 1.31.1, < 2.0)
    ruby-progressbar (1.13.0)
    ryo.rb (0.5.7)
    server.rb (0.4.0)
      puma (~> 6.3)
      rack (~> 3.0)
    set (1.1.0)
    slow_enumerator_tools (1.1.0)
    sorted_set (1.0.3)
      rbtree
      set (~> 1.0)
    standard (1.41.1)
      language_server-protocol (~> 3.17.0.2)
      lint_roller (~> 1.0)
      rubocop (~> 1.66.0)
      standard-custom (~> 1.0.0)
      standard-performance (~> 1.5)
    standard-custom (1.0.2)
      lint_roller (~> 1.0)
      rubocop (~> 1.50)
    standard-performance (1.5.0)
      lint_roller (~> 1.1)
      rubocop-performance (~> 1.22.0)
    test-cmd.rb (0.12.4)
    thor (1.3.2)
    tty-color (0.6.0)
    tty-command (0.10.1)
      pastel (~> 0.8)
    tty-platform (0.3.0)
    tty-which (0.5.0)
    unicode-display_width (2.6.0)
    zeitwerk (2.7.1)

PLATFORMS
  amd64-freebsd-14
  ruby

DEPENDENCIES
  bundle-audit
  listen (~> 3.0)
  nanoc (~> 4.12)
  nanoc-external (~> 1.0)
  nanoc-tidy.rb (~> 0.8.4)
  nanoc-webpack.rb (~> 0.10)
  paint (~> 2.3)
  rainpress
  rake (~> 13.2)
  rexml (~> 3.3.3)
  ryo.rb
  server.rb
  standard (~> 1.24)
  test-cmd.rb

BUNDLED WITH
   2.5.9
